PATH
  remote: .
  specs:
    yamln8tor (0.0.2)
      psych
      thor

GEM
  remote: http://rubygems.org/
  specs:
    psych (1.3.4)
    thor (0.18.1)

PLATFORMS
  ruby

DEPENDENCIES
  yamln8tor!
